PATH
  remote: .
  specs:
    property_sets (0.5.6)
      actionpack (~> 2.3.14)
      activerecord (~> 2.3.14)
      activesupport (~> 2.3.14)

GEM
  remote: http://rubygems.org/
  specs:
    actionpack (2.3.14)
      activesupport (= 2.3.14)
      rack (~> 1.1.0)
    activerecord (2.3.14)
      activesupport (= 2.3.14)
    activesupport (2.3.14)
    mocha (0.9.12)
    rack (1.1.2)
    rake (0.9.2.2)
    shoulda (2.11.3)
    sqlite3 (1.3.3)

PLATFORMS
  ruby

DEPENDENCIES
  bundler
  mocha
  property_sets!
  rake
  shoulda
  sqlite3
